GEM
  remote: https://rubygems.org/
  specs:
    addressable (2.7.0)
      public_suffix (>= 2.0.2, < 5.0)
    area (0.10.0)
      fastercsv (~> 1.5)
    ast (2.4.0)
    async (1.24.2)
      console (~> 1.0)
      nio4r (~> 2.3)
      timers (~> 4.1)
    async-container (0.16.2)
      async (~> 1.0)
      async-io (~> 1.26)
      process-group
    async-http (0.50.8)
      async (~> 1.23)
      async-io (~> 1.27.0)
      async-pool (~> 0.2)
      protocol-http (~> 0.15.1)
      protocol-http1 (~> 0.10.0)
      protocol-http2 (~> 0.11.0)
    async-io (1.27.7)
      async (~> 1.14)
    async-pool (0.2.0)
      async (~> 1.8)
    build-environment (1.12.1)
    capybara (3.31.0)
      addressable
      mini_mime (>= 0.1.3)
      nokogiri (~> 1.8)
      rack (>= 1.6.0)
      rack-test (>= 0.6.3)
      regexp_parser (~> 1.5)
      xpath (~> 3.2)
    capybara-selenium (0.0.6)
      capybara
      selenium-webdriver
    childprocess (3.0.0)
    coderay (1.1.2)
    concurrent-ruby (1.1.6)
    console (1.8.2)
    dotenv (2.7.5)
    falcon (0.35.4)
      async (~> 1.13)
      async-container (~> 0.16.0)
      async-http (~> 0.50.0)
      async-io (~> 1.22)
      build-environment (~> 1.11)
      localhost (~> 1.1)
      process-metrics (~> 0.1.0)
      rack (>= 1.0)
      samovar (~> 2.1)
    falcon-capybara (1.3.7)
      capybara
      falcon (~> 0.19)
      selenium-webdriver
    faraday (1.0.0)
      multipart-post (>= 1.2, < 3)
    fastercsv (1.5.5)
    ffi (1.12.2)
    gender_detector (2.0.0)
    i18n (1.8.2)
      concurrent-ruby (~> 1.0)
    jaro_winkler (1.5.4)
    jwt (2.2.1)
    localhost (1.1.6)
    mapping (1.1.1)
    method_source (0.9.2)
    mini_mime (1.0.2)
    mini_portile2 (2.4.0)
    minitest (5.14.0)
    minitest-capybara (0.9.0)
      capybara
      minitest (~> 5.0)
      rake
    multi_json (1.14.1)
    multi_xml (0.6.0)
    multipart-post (2.1.1)
    nio4r (2.5.2)
    nokogiri (1.10.9)
      mini_portile2 (~> 2.4.0)
    oauth (0.5.4)
    oauth2 (1.4.4)
      faraday (>= 0.8, < 2.0)
      jwt (>= 1.0, < 3.0)
      multi_json (~> 1.3)
      multi_xml (~> 0.5)
      rack (>= 1.2, < 3)
    parallel (1.19.1)
    parser (2.7.0.4)
      ast (~> 2.4.0)
    pg (1.2.2)
    process-group (1.2.1)
      process-terminal (~> 0.2.0)
    process-metrics (0.1.1)
    process-terminal (0.2.0)
      ffi
    protocol-hpack (1.4.2)
    protocol-http (0.15.1)
    protocol-http1 (0.10.3)
      protocol-http (~> 0.15)
    protocol-http2 (0.11.6)
      protocol-hpack (~> 1.4)
      protocol-http (~> 0.15)
    pry (0.12.2)
      coderay (~> 1.1.0)
      method_source (~> 0.9.0)
    public_suffix (4.0.3)
    rack (2.2.2)
    rack-host-redirect (1.3.0)
      rack
    rack-test (1.1.0)
      rack (>= 1.0, < 3)
    rack-unreloader (1.7.0)
    rainbow (3.0.0)
    rake (13.0.1)
    regexp_parser (1.7.0)
    rexml (3.2.4)
    roda (3.29.0)
      rack
    roda-route_list (2.1.0)
      roda
    rollbar (2.24.0)
    rubocop (0.80.1)
      jaro_winkler (~> 1.5.1)
      parallel (~> 1.10)
      parser (>= 2.7.0.1)
      rainbow (>= 2.2.2, < 4.0)
      rexml
      ruby-progressbar (~> 1.7)
      unicode-display_width (>= 1.4.0, < 1.7)
    rubocop-performance (1.5.2)
      rubocop (>= 0.71.0)
    ruby-progressbar (1.10.1)
    ruby_http_client (3.4.3)
    rubyzip (2.2.0)
    samovar (2.1.4)
      console (~> 1.0)
      mapping (~> 1.0)
    selenium-webdriver (3.142.7)
      childprocess (>= 0.5, < 4.0)
      rubyzip (>= 1.2.2)
    sendgrid-ruby (6.1.1)
      ruby_http_client (~> 3.4.0)
    sequel (5.30.0)
    sequel_pg (1.12.4)
      pg (>= 0.18.0, != 1.2.0)
      sequel (>= 4.38.0)
    tilt (2.0.10)
    timers (4.3.0)
    unicode-display_width (1.6.1)
    unicode_utils (1.4.0)
    webdrivers (4.2.0)
      nokogiri (~> 1.6)
      rubyzip (>= 1.3.0)
      selenium-webdriver (>= 3.0, < 4.0)
    xpath (3.2.0)
      nokogiri (~> 1.8)
    zbar (0.3.0)
      ffi (~> 1.0)

PLATFORMS
  ruby

DEPENDENCIES
  area
  async-http
  capybara-selenium
  dotenv
  falcon
  falcon-capybara
  gender_detector
  i18n (>= 1)
  minitest
  minitest-capybara
  nokogiri
  oauth
  oauth2
  pry
  rack-host-redirect
  rack-test
  rack-unreloader
  rake
  roda
  roda-route_list
  rollbar
  rubocop
  rubocop-performance
  sendgrid-ruby
  sequel
  sequel_pg
  tilt
  unicode_utils
  webdrivers
  zbar

RUBY VERSION
   ruby 2.7.0p0

BUNDLED WITH
   2.1.2
