GEM
  remote: https://rubygems.org/
  specs:
    addressable (2.5.2)
      public_suffix (>= 2.0.2, < 4.0)
    area (0.10.0)
      fastercsv (~> 1.5)
    ast (2.4.0)
    capybara (3.10.0)
      addressable
      mini_mime (>= 0.1.3)
      nokogiri (~> 1.8)
      rack (>= 1.6.0)
      rack-test (>= 0.6.3)
      regexp_parser (~> 1.2)
      xpath (~> 3.2)
    capybara-selenium (0.0.6)
      capybara
      selenium-webdriver
    childprocess (0.9.0)
      ffi (~> 1.0, >= 1.0.11)
    coderay (1.1.2)
    dotenv (2.5.0)
    ethon (0.11.0)
      ffi (>= 1.3.0)
    faraday (0.15.3)
      multipart-post (>= 1.2, < 3)
    fastercsv (1.5.5)
    ffi (1.9.25)
    gender_detector (2.0.0)
    jaro_winkler (1.5.1)
    jwt (2.1.0)
    method_source (0.9.0)
    mini_mime (1.0.1)
    mini_portile2 (2.3.0)
    minitest (5.11.3)
    minitest-capybara (0.9.0)
      capybara
      minitest (~> 5.0)
      rake
    multi_json (1.13.1)
    multi_xml (0.6.0)
    multipart-post (2.0.0)
    mustermann (1.0.3)
    nokogiri (1.8.5)
      mini_portile2 (~> 2.3.0)
    oauth (0.5.4)
    oauth2 (1.4.1)
      faraday (>= 0.8, < 0.16.0)
      jwt (>= 1.0, < 3.0)
      multi_json (~> 1.3)
      multi_xml (~> 0.5)
      rack (>= 1.2, < 3)
    parallel (1.12.1)
    parser (2.5.3.0)
      ast (~> 2.4.0)
    pg (1.1.3)
    powerpack (0.1.2)
    pry (0.11.3)
      coderay (~> 1.1.0)
      method_source (~> 0.9.0)
    public_suffix (3.0.3)
    puma (3.12.0)
    rack (2.0.5)
    rack-protection (2.0.4)
      rack
    rack-test (1.1.0)
      rack (>= 1.0, < 3)
    rack-unreloader (1.6.0)
    rainbow (3.0.0)
    rake (12.3.1)
    regexp_parser (1.2.0)
    roda (3.13.0)
      rack
    roda-route_list (2.1.0)
      roda
    rollbar (2.18.0)
      multi_json
    rubocop (0.59.2)
      jaro_winkler (~> 1.5.1)
      parallel (~> 1.10)
      parser (>= 2.5, != 2.5.1.1)
      powerpack (~> 0.1)
      rainbow (>= 2.2.2, < 4.0)
      ruby-progressbar (~> 1.7)
      unicode-display_width (~> 1.0, >= 1.0.1)
    ruby-progressbar (1.10.0)
    ruby_http_client (3.3.0)
    rubyzip (1.2.2)
    selenium-webdriver (3.14.1)
      childprocess (~> 0.5)
      rubyzip (~> 1.2, >= 1.2.2)
    sendgrid-ruby (5.3.0)
      ruby_http_client (~> 3.3.0)
      sinatra (>= 1.4.7, < 3)
    sequel (5.13.0)
    sequel_pg (1.11.0)
      pg (>= 0.18.0)
      sequel (>= 4.38.0)
    sinatra (2.0.4)
      mustermann (~> 1.0)
      rack (~> 2.0)
      rack-protection (= 2.0.4)
      tilt (~> 2.0)
    tilt (2.0.8)
    typhoeus (1.3.0)
      ethon (>= 0.9.0)
    unicode-display_width (1.4.0)
    unicode_utils (1.4.0)
    xpath (3.2.0)
      nokogiri (~> 1.8)
    zbar (0.3.0)
      ffi (~> 1.0)

PLATFORMS
  ruby

DEPENDENCIES
  area
  capybara-selenium
  dotenv
  gender_detector
  minitest
  minitest-capybara
  nokogiri
  oauth
  oauth2
  pry
  puma
  rack-test
  rack-unreloader
  rake
  roda
  roda-route_list
  rollbar
  rubocop
  sendgrid-ruby
  sequel
  sequel_pg
  tilt
  typhoeus
  unicode_utils
  zbar

RUBY VERSION
   ruby 2.5.3p105

BUNDLED WITH
   1.16.6
