GEM
  remote: https://rubygems.org/
  specs:
    addressable (2.5.1)
      public_suffix (~> 2.0, >= 2.0.2)
    area (0.10.0)
      fastercsv (~> 1.5)
    coderay (1.1.1)
    concurrent-ruby (1.0.5)
    domain_name (0.5.20170404)
      unf (>= 0.0.5, < 1.0.0)
    dotenv (2.2.1)
    faraday (0.11.0)
      multipart-post (>= 1.2, < 3)
    fastercsv (1.5.5)
    http (2.2.2)
      addressable (~> 2.3)
      http-cookie (~> 1.0)
      http-form_data (~> 1.0.1)
      http_parser.rb (~> 0.6.0)
    http-cookie (1.0.3)
      domain_name (~> 0.5)
    http-form_data (1.0.3)
    http_parser.rb (0.6.0)
    jwt (1.5.6)
    method_source (0.8.2)
    mini_portile2 (2.3.0)
    multi_json (1.12.1)
    multi_xml (0.6.0)
    multipart-post (2.0.0)
    nokogiri (1.8.1)
      mini_portile2 (~> 2.3.0)
    oauth (0.5.3)
    oauth2 (1.4.0)
      faraday (>= 0.8, < 0.13)
      jwt (~> 1.0)
      multi_json (~> 1.3)
      multi_xml (~> 0.5)
      rack (>= 1.2, < 3)
    pg (0.21.0)
    pry (0.10.4)
      coderay (~> 1.1.0)
      method_source (~> 0.8.1)
      slop (~> 3.4)
    public_suffix (2.0.5)
    puma (3.9.1)
    rack (2.0.3)
    rack-unreloader (1.6.0)
    rake (12.0.0)
    roda (2.28.0)
      rack
    rollbar (2.15.0)
      multi_json
    sequel (5.2.0)
    sequel_pg (1.7.1)
      pg (>= 0.8.0)
      sequel (>= 4.0.0)
    slop (3.6.0)
    sucker_punch (2.0.4)
      concurrent-ruby (~> 1.0.0)
    tilt (2.0.8)
    unf (0.1.4)
      unf_ext
    unf_ext (0.0.7.4)

PLATFORMS
  ruby

DEPENDENCIES
  area
  dotenv
  http
  nokogiri
  oauth
  oauth2
  pry
  puma
  rack
  rack-unreloader
  rake
  roda
  rollbar
  sequel
  sequel_pg
  sucker_punch
  tilt

RUBY VERSION
   ruby 2.4.1p111

BUNDLED WITH
   1.16.0.pre.2
